PATH
  remote: .
  specs:
    notifiable-apns-apnotic (0.3.7)
      apnotic (~> 1.6.0)
      grocer (~> 0.7.1)
      notifiable-core (>= 0.1.3)

GEM
  remote: https://rubygems.org/
  specs:
    activemodel (7.0.3.1)
      activesupport (= 7.0.3.1)
    activerecord (7.0.3.1)
      activemodel (= 7.0.3.1)
      activesupport (= 7.0.3.1)
    activerecord-import (1.4.0)
      activerecord (>= 4.2)
    activesupport (7.0.3.1)
      concurrent-ruby (~> 1.0, >= 1.0.2)
      i18n (>= 1.6, < 2)
      minitest (>= 5.1)
      tzinfo (~> 2.0)
    apnotic (1.6.1)
      connection_pool (~> 2)
      net-http2 (>= 0.18.3, < 2)
    byebug (10.0.2)
    concurrent-ruby (1.1.10)
    connection_pool (2.2.5)
    database_cleaner (1.7.0)
    diff-lcs (1.5.0)
    factory_bot (4.11.0)
      activesupport (>= 3.0.0)
    grocer (0.7.1)
    http-2 (0.11.0)
    i18n (1.12.0)
      concurrent-ruby (~> 1.0)
    minitest (5.16.2)
    net-http2 (0.18.4)
      http-2 (~> 0.11)
    notifiable-core (0.4.2)
      activerecord
      activerecord-import
    pg (1.1.0)
    rake (10.5.0)
    rspec (3.8.0)
      rspec-core (~> 3.8.0)
      rspec-expectations (~> 3.8.0)
      rspec-mocks (~> 3.8.0)
    rspec-core (3.8.2)
      rspec-support (~> 3.8.0)
    rspec-expectations (3.8.6)
      diff-lcs (>= 1.2.0, < 2.0)
      rspec-support (~> 3.8.0)
    rspec-mocks (3.8.0)
      diff-lcs (>= 1.2.0, < 2.0)
      rspec-support (~> 3.8.0)
    rspec-support (3.8.3)
    tzinfo (2.0.5)
      concurrent-ruby (~> 1.0)

PLATFORMS
  ruby

DEPENDENCIES
  bundler (~> 1.16)
  byebug
  database_cleaner
  factory_bot
  notifiable-apns-apnotic!
  pg
  rake (~> 10.0)
  rspec (~> 3.0)
  rspec-mocks

BUNDLED WITH
   1.17.2
